PATH
  remote: .
  specs:
    glitchy_gem (0.4.1)
      json
      rake

GEM
  remote: http://rubygems.org/
  specs:
    awesome_print (0.4.0)
    diff-lcs (1.1.2)
    json (1.4.6)
    rack (1.3.0)
    rake (0.9.2)
    rspec (2.6.0)
      rspec-core (~> 2.6.0)
      rspec-expectations (~> 2.6.0)
      rspec-mocks (~> 2.6.0)
    rspec-core (2.6.3)
    rspec-expectations (2.6.0)
      diff-lcs (~> 1.1.2)
    rspec-mocks (2.6.0)

PLATFORMS
  ruby

DEPENDENCIES
  awesome_print
  bundler (>= 1.0.0)
  glitchy_gem!
  rack
  rspec
