PATH
  remote: .
  specs:
    glitchy_gem (0.4.0)
      rake

GEM
  remote: http://rubygems.org/
  specs:
    rake (0.9.2)

PLATFORMS
  ruby

DEPENDENCIES
  bundler (>= 1.0.0)
  glitchy_gem!
